GEM
  remote: http://rubygems.org/
  specs:
    columnize (0.3.6)
    debugger (1.2.1)
      columnize (>= 0.3.1)
      debugger-linecache (~> 1.1.1)
      debugger-ruby_core_source (~> 1.1.4)
    debugger-linecache (1.1.2)
      debugger-ruby_core_source (>= 1.1.1)
    debugger-ruby_core_source (1.1.4)
    diff-lcs (1.1.3)
    fakeweb (1.3.0)
    git (1.2.5)
    jeweler (1.8.3)
      bundler (~> 1.0)
      git (>= 1.2.5)
      rake
      rdoc
    json (1.6.6)
    rake (0.9.2.2)
    rdoc (3.12)
      json (~> 1.4)
    rspec (2.9.0)
      rspec-core (~> 2.9.0)
      rspec-expectations (~> 2.9.0)
      rspec-mocks (~> 2.9.0)
    rspec-core (2.9.0)
    rspec-expectations (2.9.1)
      diff-lcs (~> 1.1.3)
    rspec-mocks (2.9.0)

PLATFORMS
  ruby

DEPENDENCIES
  bundler
  debugger
  fakeweb
  jeweler
  rspec
